GEM
  remote: http://rubygems.org/
  specs:
    thor (0.14.4)

PLATFORMS
  ruby

DEPENDENCIES
  thor (= 0.14.4)
